GIT
  remote: git://github.com/GutenYe/mtgox.git
  revision: d3b69e8068a134a90f89b155538b1a6c87f32717
  specs:
    guten-mtgox (0.8.0)
      faraday (~> 0.7)
      faraday_middleware (~> 0.8)
      multi_json (~> 1.0)
      pd

GEM
  remote: https://rubygems.org/
  specs:
    active_support (3.0.0)
      activesupport (= 3.0.0)
    activesupport (3.0.0)
    faraday (0.8.7)
      multipart-post (~> 1.1)
    faraday_middleware (0.9.0)
      faraday (>= 0.7.4, < 0.9)
    multi_json (1.7.2)
    multipart-post (1.2.0)
    pd (1.1.0)

PLATFORMS
  ruby

DEPENDENCIES
  active_support
  guten-mtgox!
